PATH
  remote: .
  specs:
    its-it (1.0.0)
      blankslate

GEM
  remote: http://rubygems.org/
  specs:
    blankslate (2.1.2.4)
    bueller (0.0.6)
      bundler (~> 1.0.9)
      git (>= 1.2.5)
      rake
    diff-lcs (1.1.2)
    git (1.2.5)
    rake (0.8.7)
    rspec (2.3.0)
      rspec-core (~> 2.3.0)
      rspec-expectations (~> 2.3.0)
      rspec-mocks (~> 2.3.0)
    rspec-core (2.3.1)
    rspec-expectations (2.3.0)
      diff-lcs (~> 1.1.2)
    rspec-mocks (2.3.0)
    simplecov (0.4.2)
      simplecov-html (~> 0.4.4)
    simplecov-gem-adapter (1.0.1)
      simplecov
    simplecov-html (0.4.4)

PLATFORMS
  ruby

DEPENDENCIES
  bueller
  bundler
  its-it!
  rspec
  simplecov
  simplecov-gem-adapter
